GEM
  remote: https://rubygems.org/
  specs:
    activemodel (5.2.4.3)
      activesupport (= 5.2.4.3)
    activerecord (5.2.4.3)
      activemodel (= 5.2.4.3)
      activesupport (= 5.2.4.3)
      arel (>= 9.0)
    activesupport (5.2.4.3)
      concurrent-ruby (~> 1.0, >= 1.0.2)
      i18n (>= 0.7, < 2)
      minitest (~> 5.1)
      tzinfo (~> 1.1)
    arel (9.0.0)
    concurrent-ruby (1.1.6)
    cuba (3.9.2)
      rack (>= 1.6.0)
    dalli (2.7.10)
    foreman (0.87.1)
    i18n (1.8.3)
      concurrent-ruby (~> 1.0)
    minitest (5.14.1)
    nio4r (2.5.2)
    oj (3.10.6)
    oj_mimic_json (1.0.1)
    pg (0.21.0)
    puma (4.3.5)
      nio4r (~> 2.0)
    rack (2.2.3)
    rack-cache (1.12.0)
      rack (>= 0.4)
    rack-cors (1.1.1)
      rack (>= 2.0.0)
    rack-ssl (1.4.1)
      rack
    rake (13.0.1)
    rubyzip (2.3.0)
    thread_safe (0.3.6)
    tzinfo (1.2.7)
      thread_safe (~> 0.1)
    warden (1.2.8)
      rack (>= 2.0.6)

PLATFORMS
  ruby

DEPENDENCIES
  activerecord (~> 5.2)
  cuba
  dalli
  foreman
  oj
  oj_mimic_json
  pg (~> 0.18)
  puma
  rack
  rack-cache
  rack-cors
  rack-ssl
  rake
  rubyzip (>= 1.1.0)
  warden

RUBY VERSION
   ruby 2.6.6p146

BUNDLED WITH
   2.1.4
